GEM
  remote: https://rubygems.org/
  specs:
    ethon (0.7.3)
      ffi (>= 1.3.0)
    ffi (1.9.8)
    rspec-core (3.1.7)
      rspec-support (~> 3.1.0)
    rspec-support (3.1.2)
    typhoeus (0.7.1)
      ethon (>= 0.7.1)

PLATFORMS
  ruby

DEPENDENCIES
  rspec-core
  typhoeus
