GEM
  remote: https://rubygems.org/
  specs:
    diff-lcs (1.2.5)
    ethon (0.7.3)
      ffi (>= 1.3.0)
    ffi (1.9.8)
    mini_portile (0.6.2)
    nokogiri (1.6.5)
      mini_portile (~> 0.6.0)
    rake (10.4.2)
    rspec-core (3.1.7)
      rspec-support (~> 3.1.0)
    rspec-expectations (3.1.2)
      diff-lcs (>= 1.2.0, < 2.0)
      rspec-support (~> 3.1.0)
    rspec-mocks (3.1.3)
      rspec-support (~> 3.1.0)
    rspec-support (3.1.2)
    typhoeus (0.7.1)
      ethon (>= 0.7.1)
    vcr (2.9.3)

PLATFORMS
  ruby

DEPENDENCIES
  nokogiri
  rake
  rspec-core
  rspec-expectations
  rspec-mocks
  typhoeus
  vcr
